GEM
  remote: https://rubygems.org/
  specs:
    thread_safe (0.3.5)
    tzinfo (1.2.2)
      thread_safe (~> 0.1)
    tzinfo-data (1.2016.1)
      tzinfo (>= 1.0.0)
    wdm (0.1.1)

PLATFORMS
  x86-mingw32

DEPENDENCIES
  tzinfo-data
  wdm (~> 0.1.0)

BUNDLED WITH
   1.11.2
